GEM
  remote: https://rubygems.org/
  specs:
    coderay (1.1.2)
    concurrent-ruby (1.1.6)
    faker (2.13.0)
      i18n (>= 1.6, < 2)
    i18n (1.8.4)
      concurrent-ruby (~> 1.0)
    method_source (0.9.2)
    pry (0.11.3)
      coderay (~> 1.1.0)
      method_source (~> 0.9.0)
    rake (13.0.1)
    sqlite3 (1.4.0)

PLATFORMS
  ruby

DEPENDENCIES
  faker
  pry
  rake
  sqlite3

BUNDLED WITH
   2.1.4
